PATH
  remote: .
  specs:
    bnet_api (0.0.2)
      certified

GEM
  remote: https://rubygems.org/
  specs:
    addressable (2.3.6)
    ansi (1.4.3)
    certified (1.0.0)
    crack (0.4.2)
      safe_yaml (~> 1.0.0)
    diff-lcs (1.2.5)
    minitest (4.7.5)
    rake (10.3.2)
    rspec (3.0.0)
      rspec-core (~> 3.0.0)
      rspec-expectations (~> 3.0.0)
      rspec-mocks (~> 3.0.0)
    rspec-core (3.0.4)
      rspec-support (~> 3.0.0)
    rspec-expectations (3.0.4)
      diff-lcs (>= 1.2.0, < 2.0)
      rspec-support (~> 3.0.0)
    rspec-mocks (3.0.4)
      rspec-support (~> 3.0.0)
    rspec-support (3.0.4)
    safe_yaml (1.0.3)
    turn (0.9.7)
      ansi
      minitest (~> 4)
    vcr (2.9.2)
    webmock (1.18.0)
      addressable (>= 2.3.6)
      crack (>= 0.3.2)
    win32console (1.3.2-x86-mingw32)

PLATFORMS
  x86-mingw32

DEPENDENCIES
  bnet_api!
  rake
  rspec
  turn
  vcr
  webmock
  win32console
